GEM
  remote: https://rubygems.org/
  specs:
    rmagick (4.2.2)

PLATFORMS
  ruby

DEPENDENCIES
  rmagick (~> 4.2)

BUNDLED WITH
   1.17.2
